PATH
  remote: .
  specs:
    git-check-ci (0.1.0)
      daemons
      httparty
      json
      thor

GEM
  remote: http://rubygems.org/
  specs:
    coderay (1.0.7)
    daemons (1.1.8)
    diff-lcs (1.1.3)
    httparty (0.8.3)
      multi_json (~> 1.0)
      multi_xml
    json (1.7.3)
    method_source (0.7.1)
    multi_json (1.3.6)
    multi_xml (0.5.1)
    pry (0.9.9.6)
      coderay (~> 1.0.5)
      method_source (~> 0.7.1)
      slop (>= 2.4.4, < 3)
    pry-doc (0.4.2)
      pry (>= 0.9.0)
      yard (~> 0.8.1)
    pry-nav (0.2.1)
      pry (~> 0.9.9)
    rake (0.9.2.2)
    rspec (2.10.0)
      rspec-core (~> 2.10.0)
      rspec-expectations (~> 2.10.0)
      rspec-mocks (~> 2.10.0)
    rspec-core (2.10.1)
    rspec-expectations (2.10.0)
      diff-lcs (~> 1.1.3)
    rspec-mocks (2.10.1)
    slop (2.4.4)
    thor (0.15.3)
    yard (0.8.2.1)

PLATFORMS
  ruby

DEPENDENCIES
  bundler
  git-check-ci!
  pry
  pry-doc
  pry-nav
  rake
  rspec
